GEM
  remote: https://rubygems.org/
  specs:
    grizzled-ruby (0.1.4)
    rake (0.9.2.2)

PLATFORMS
  ruby

DEPENDENCIES
  grizzled-ruby
  rake
