GEM
  remote: https://rubygems.org/
  specs:
    grizzled-ruby (0.1.8)
      zip (~> 2.0, >= 2.0.2)
    mini_portile (0.6.2)
    nokogiri (1.6.6.2)
      mini_portile (~> 0.6.0)
    rake (10.4.2)
    zip (2.0.2)

PLATFORMS
  ruby

DEPENDENCIES
  grizzled-ruby
  nokogiri
  rake

BUNDLED WITH
   1.10.6
