GEM
  remote: https://rubygems.org/
  specs:
    coderay (1.1.0)
    grizzled-ruby (0.1.9)
      zip (~> 2.0, >= 2.0.2)
    method_source (0.8.2)
    mini_portile (0.6.2)
    nokogiri (1.6.6.2)
      mini_portile (~> 0.6.0)
    pry (0.10.1)
      coderay (~> 1.1.0)
      method_source (~> 0.8.1)
      slop (~> 3.4)
    rake (10.4.2)
    slop (3.6.0)
    zip (2.0.2)

PLATFORMS
  ruby

DEPENDENCIES
  grizzled-ruby
  nokogiri
  pry
  rake

BUNDLED WITH
   1.10.6
