GEM
  remote: https://rubygems.org/
  specs:
    grizzled-ruby (0.1.4)
    mini_portile (0.6.2)
    nokogiri (1.6.6.2)
      mini_portile (~> 0.6.0)
    rake (0.9.2.2)

PLATFORMS
  ruby

DEPENDENCIES
  grizzled-ruby
  nokogiri
  rake

BUNDLED WITH
   1.10.6
